PATH
  remote: .
  specs:
    puppet (6.13.0)
      CFPropertyList (~> 2.2)
      concurrent-ruby (~> 1.0)
      deep_merge (~> 1.0)
      facter (>= 2.4.0, < 5)
      fast_gettext (~> 1.1)
      hiera (>= 3.2.1, < 4)
      httpclient (~> 2.8)
      locale (~> 2.1)
      multi_json (~> 1.13)
      semantic_puppet (~> 1.0)

GEM
  remote: https://artifactory.delivery.puppetlabs.net/artifactory/api/gems/rubygems/
  specs:
    CFPropertyList (2.3.6)
    addressable (2.7.0)
      public_suffix (>= 2.0.2, < 5.0)
    artifactory (2.8.2)
    ast (2.4.0)
    coderay (1.1.2)
    concurrent-ruby (1.1.6)
    crack (0.4.3)
      safe_yaml (~> 1.0.0)
    csv (3.1.2)
    deep_merge (1.2.1)
    diff-lcs (1.3)
    docopt (0.6.1)
    facter (2.5.7)
    fast_gettext (1.1.2)
    gettext (3.2.9)
      locale (>= 2.0.5)
      text (>= 1.3.0)
    gettext-setup (0.34)
      fast_gettext (~> 1.1.0)
      gettext (>= 3.0.2, < 3.3.0)
      locale
    hashdiff (1.0.0)
    hiera (3.6.0)
    hiera-eyaml (3.2.0)
      highline (~> 1.6.19)
      optimist
    highline (1.6.21)
    hocon (1.3.0)
    hpricot (0.8.6)
    httpclient (2.8.3)
    json-schema (2.8.1)
      addressable (>= 2.4)
    locale (2.1.3)
    memory_profiler (0.9.14)
    method_source (0.9.2)
    minitar (0.9)
    msgpack (1.3.3)
    multi_json (1.14.1)
    mustache (1.1.1)
    optimist (3.0.0)
    packaging (0.99.56)
      artifactory (~> 2)
      rake (>= 12.3)
      release-metrics
    parallel (1.19.1)
    parser (2.7.0.2)
      ast (~> 2.4.0)
    powerpack (0.1.2)
    pry (0.12.2)
      coderay (~> 1.1.0)
      method_source (~> 0.9.0)
    public_suffix (4.0.3)
    puppet-resource_api (1.8.7)
      hocon (>= 1.0)
    puppetserver-ca (1.5.0)
      facter (>= 2.0.1, < 4)
    racc (1.4.9)
    rainbow (2.2.2)
      rake
    rake (12.3.3)
    rdiscount (2.2.0.1)
    rdoc (6.2.1)
    release-metrics (1.1.0)
      csv
      docopt
    ronn (0.7.3)
      hpricot (>= 0.8.2)
      mustache (>= 0.7.0)
      rdiscount (>= 1.5.8)
    rspec (3.9.0)
      rspec-core (~> 3.9.0)
      rspec-expectations (~> 3.9.0)
      rspec-mocks (~> 3.9.0)
    rspec-core (3.9.1)
      rspec-support (~> 3.9.1)
    rspec-expectations (3.9.0)
      diff-lcs (>= 1.2.0, < 2.0)
      rspec-support (~> 3.9.0)
    rspec-its (1.3.0)
      rspec-core (>= 3.0.0)
      rspec-expectations (>= 3.0.0)
    rspec-mocks (3.9.1)
      diff-lcs (>= 1.2.0, < 2.0)
      rspec-support (~> 3.9.0)
    rspec-support (3.9.2)
    rubocop (0.49.1)
      parallel (~> 1.10)
      parser (>= 2.3.3.1, < 3.0)
      powerpack (~> 0.1)
      rainbow (>= 1.99.1, < 3.0)
      ruby-progressbar (~> 1.7)
      unicode-display_width (~> 1.0, >= 1.0.1)
    rubocop-i18n (1.2.0)
      rubocop (~> 0.49.0)
    ruby-prof (1.2.0)
    ruby-progressbar (1.10.1)
    safe_yaml (1.0.5)
    semantic_puppet (1.0.2)
    text (1.3.1)
    unicode-display_width (1.6.1)
    vcr (5.1.0)
    webmock (3.8.2)
      addressable (>= 2.3.6)
      crack (>= 0.3.2)
      hashdiff (>= 0.4.0, < 2.0.0)
    yard (0.9.24)

PLATFORMS
  ruby

DEPENDENCIES
  diff-lcs (~> 1.3)
  gettext-setup (~> 0.28)
  hiera-eyaml
  hocon (~> 1.0)
  json-schema (~> 2.0)
  memory_profiler
  minitar (~> 0.9)
  msgpack (~> 1.2)
  packaging (~> 0.99)
  pry
  puppet!
  puppet-resource_api (~> 1.5)
  puppetserver-ca (~> 1.1)
  racc (= 1.4.9)
  rake (~> 12.2)
  rdoc (~> 6.0)
  ronn (~> 0.7.3)
  rspec (~> 3.1)
  rspec-its (~> 1.1)
  rubocop (~> 0.49)
  rubocop-i18n (~> 1.2.0)
  ruby-prof (>= 0.16.0)
  semantic_puppet (~> 1.0)
  vcr (~> 5.0)
  webmock (~> 3.0)
  yard

BUNDLED WITH
   1.17.3
